GEM
  remote: http://rubygems.org/
  specs:
    ZenTest (4.5.0)
    autotest (4.4.6)
      ZenTest (>= 4.4.1)
    autotest-fsevent (0.2.5)
      sys-uname
    autotest-inotify (0.0.6)
      autotest (>= 4.2.4)
      rb-inotify
    autotest-standalone (4.5.5)
    builder (3.0.0)
    cucumber (0.10.2)
      builder (>= 2.1.2)
      diff-lcs (>= 1.1.2)
      gherkin (>= 2.3.5)
      json (>= 1.4.6)
      term-ansicolor (>= 1.0.5)
    diff-lcs (1.1.2)
    ffi (1.0.8)
    gherkin (2.3.8)
      json (>= 1.4.6)
    json (1.5.1)
    rb-inotify (0.8.4)
      ffi (>= 0.5.0)
    rspec (2.6.0)
      rspec-core (~> 2.6.0)
      rspec-expectations (~> 2.6.0)
      rspec-mocks (~> 2.6.0)
    rspec-core (2.6.1)
    rspec-expectations (2.6.0)
      diff-lcs (~> 1.1.2)
    rspec-mocks (2.6.0)
    sys-uname (0.8.5)
    term-ansicolor (1.0.5)

PLATFORMS
  ruby

DEPENDENCIES
  autotest-fsevent
  autotest-inotify
  autotest-standalone
  bundler
  cucumber
  rspec
